PATH
  remote: .
  specs:
    beer_shop_watcher (0.1.0)
      caxlsx
      nokogiri (~> 1.10)
      pg (~> 1.2.3)
      puma (= 5.1)
      rest-client
      rollbar
      sequel (~> 5.38)
      sequel_pg (~> 1.14)
      sequel_postgresql_triggers
      sinatra (= 2.1)
      slim (= 4.1)

GEM
  remote: https://rubygems.org/
  specs:
    ast (2.4.1)
    caxlsx (3.0.2)
      htmlentities (~> 4.3, >= 4.3.4)
      mimemagic (~> 0.3)
      nokogiri (~> 1.10, >= 1.10.4)
      rubyzip (>= 1.3.0, < 3)
    coderay (1.1.3)
    diff-lcs (1.4.4)
    domain_name (0.5.20190701)
      unf (>= 0.0.5, < 1.0.0)
    htmlentities (4.3.4)
    http-accept (1.7.0)
    http-cookie (1.0.3)
      domain_name (~> 0.5)
    method_source (1.0.0)
    mime-types (3.3.1)
      mime-types-data (~> 3.2015)
    mime-types-data (3.2020.1104)
    mimemagic (0.3.5)
    mini_portile2 (2.4.0)
    mustermann (1.1.1)
      ruby2_keywords (~> 0.0.1)
    netrc (0.11.0)
    nio4r (2.5.4)
    nokogiri (1.10.10)
      mini_portile2 (~> 2.4.0)
    parallel (1.20.1)
    parser (2.7.2.0)
      ast (~> 2.4.1)
    pg (1.2.3)
    pry (0.13.1)
      coderay (~> 1.1)
      method_source (~> 1.0)
    puma (5.1.0)
      nio4r (~> 2.0)
    rack (2.2.3)
    rack-protection (2.1.0)
      rack
    rainbow (3.0.0)
    rake (10.5.0)
    regexp_parser (2.0.0)
    rest-client (2.1.0)
      http-accept (>= 1.7.0, < 2.0)
      http-cookie (>= 1.0.2, < 2.0)
      mime-types (>= 1.16, < 4.0)
      netrc (~> 0.8)
    rexml (3.2.4)
    rollbar (3.1.1)
    rspec (3.10.0)
      rspec-core (~> 3.10.0)
      rspec-expectations (~> 3.10.0)
      rspec-mocks (~> 3.10.0)
    rspec-core (3.10.0)
      rspec-support (~> 3.10.0)
    rspec-expectations (3.10.0)
      diff-lcs (>= 1.2.0, < 2.0)
      rspec-support (~> 3.10.0)
    rspec-mocks (3.10.0)
      diff-lcs (>= 1.2.0, < 2.0)
      rspec-support (~> 3.10.0)
    rspec-support (3.10.0)
    rubocop (1.4.2)
      parallel (~> 1.10)
      parser (>= 2.7.1.5)
      rainbow (>= 2.2.2, < 4.0)
      regexp_parser (>= 1.8)
      rexml
      rubocop-ast (>= 1.1.1)
      ruby-progressbar (~> 1.7)
      unicode-display_width (>= 1.4.0, < 2.0)
    rubocop-ast (1.2.0)
      parser (>= 2.7.1.5)
    ruby-progressbar (1.10.1)
    ruby2_keywords (0.0.2)
    rubyzip (2.3.0)
    sequel (5.39.0)
    sequel_pg (1.14.0)
      pg (>= 0.18.0, != 1.2.0)
      sequel (>= 4.38.0)
    sequel_postgresql_triggers (1.5.0)
      sequel
    sinatra (2.1.0)
      mustermann (~> 1.0)
      rack (~> 2.2)
      rack-protection (= 2.1.0)
      tilt (~> 2.0)
    slim (4.1.0)
      temple (>= 0.7.6, < 0.9)
      tilt (>= 2.0.6, < 2.1)
    temple (0.8.2)
    tilt (2.0.10)
    unf (0.1.4)
      unf_ext
    unf_ext (0.0.7.7)
    unicode-display_width (1.7.0)

PLATFORMS
  ruby

DEPENDENCIES
  beer_shop_watcher!
  bundler (~> 1.16.5)
  pry (~> 0.13)
  rake (~> 10.0)
  rspec (~> 3.0)
  rubocop (~> 1.0)

BUNDLED WITH
   1.16.5
